GEM
  remote: http://rubygems.org/
  specs:
    addressable (2.3.2)
    chunky_png (1.2.6)
    coffee-script (2.2.0)
      coffee-script-source
      execjs
    coffee-script-source (1.3.3)
    compass (0.12.2)
      chunky_png (~> 1.2)
      fssm (>= 0.2.7)
      sass (~> 3.1)
    em-websocket (0.3.8)
      addressable (>= 2.1.1)
      eventmachine (>= 0.12.9)
    eventmachine (0.12.10)
    execjs (1.4.0)
      multi_json (~> 1.0)
    ffi (1.1.5)
    fssm (0.2.9)
    growl (1.0.3)
    guard (1.3.0)
      listen (>= 0.4.2)
      thor (>= 0.14.6)
    guard-coffeescript (1.2.0)
      coffee-script (>= 2.2.0)
      guard (>= 1.1.0)
    guard-compass (0.0.6)
      compass (>= 0.10.5)
      guard (>= 0.2.1)
    guard-livereload (1.0.0)
      em-websocket (>= 0.2.0)
      guard (>= 1.1.0)
      multi_json (~> 1.0)
    listen (0.4.7)
      rb-fchange (~> 0.0.5)
      rb-fsevent (~> 0.9.1)
      rb-inotify (~> 0.8.8)
    multi_json (1.3.6)
    rack (1.4.1)
    rack-protection (1.2.0)
      rack
    rb-fchange (0.0.5)
      ffi
    rb-fsevent (0.9.1)
    rb-inotify (0.8.8)
      ffi (>= 0.5.0)
    sass (3.2.0.alpha.278)
    sinatra (1.3.2)
      rack (~> 1.3, >= 1.3.6)
      rack-protection (~> 1.2)
      tilt (~> 1.3, >= 1.3.3)
    thor (0.15.4)
    tilt (1.3.3)

PLATFORMS
  ruby

DEPENDENCIES
  coffee-script
  compass
  growl
  guard
  guard-coffeescript
  guard-compass
  guard-livereload
  rb-fsevent
  sass (~> 3.2.0.alpha.101)
  sinatra
